GEM
  remote: https://rubygems.org/
  specs:
    rcodetools (0.8.5.0)

PLATFORMS
  ruby

DEPENDENCIES
  rcodetools

BUNDLED WITH
   2.1.4
